GEM
  remote: http://rubygems.org/
  specs:
    activesupport (5.2.4.5)
      concurrent-ruby (~> 1.0, >= 1.0.2)
      i18n (>= 0.7, < 2)
      minitest (~> 5.1)
      tzinfo (~> 1.1)
    concurrent-ruby (1.1.8)
    concurrent-ruby-ext (1.1.8)
      concurrent-ruby (= 1.1.8)
    digest-crc (0.6.3)
      rake (>= 12.0.0, < 14.0.0)
    exponential-backoff (0.0.4)
    i18n (1.8.9)
      concurrent-ruby (~> 1.0)
    little-plugger (1.1.4)
    logging (2.3.0)
      little-plugger (~> 1.1)
      multi_json (~> 1.14)
    minitest (5.14.3)
    multi_json (1.15.0)
    phobos (1.8.1)
      activesupport (>= 3.0.0)
      concurrent-ruby (>= 1.0.2)
      concurrent-ruby-ext (>= 1.0.2)
      exponential-backoff
      logging
      ruby-kafka
      thor
    rake (13.0.3)
    ruby-kafka (1.3.0)
      digest-crc
    thor (1.1.0)
    thread_safe (0.3.6)
    tzinfo (1.2.9)
      thread_safe (~> 0.1)

PLATFORMS
  ruby

DEPENDENCIES
  phobos (= 1.8.1)

BUNDLED WITH
   2.1.4
